GEM
  remote: http://rubygems.org/
  specs:
    faraday (0.8.4)
      multipart-post (~> 1.1)
    ferret (0.11.8.4)
      rake
    multipart-post (1.1.5)
    nokogiri (1.5.5)
    rake (0.9.2.2)

PLATFORMS
  ruby

DEPENDENCIES
  faraday
  ferret
  nokogiri
